GEM
  remote: https://rubygems.org/
  specs:
    RubyInline (3.12.6)
      ZenTest (~> 4.3)
    ZenTest (4.12.1)
    actioncable (6.0.6)
      actionpack (= 6.0.6)
      nio4r (~> 2.0)
      websocket-driver (>= 0.6.1)
    actionmailbox (6.0.6)
      actionpack (= 6.0.6)
      activejob (= 6.0.6)
      activerecord (= 6.0.6)
      activestorage (= 6.0.6)
      activesupport (= 6.0.6)
      mail (>= 2.7.1)
    actionmailer (6.0.6)
      actionpack (= 6.0.6)
      actionview (= 6.0.6)
      activejob (= 6.0.6)
      mail (~> 2.5, >= 2.5.4)
      rails-dom-testing (~> 2.0)
    actionpack (6.0.6)
      actionview (= 6.0.6)
      activesupport (= 6.0.6)
      rack (~> 2.0, >= 2.0.8)
      rack-test (>= 0.6.3)
      rails-dom-testing (~> 2.0)
      rails-html-sanitizer (~> 1.0, >= 1.2.0)
    actiontext (6.0.6)
      actionpack (= 6.0.6)
      activerecord (= 6.0.6)
      activestorage (= 6.0.6)
      activesupport (= 6.0.6)
      nokogiri (>= 1.8.5)
    actionview (6.0.6)
      activesupport (= 6.0.6)
      builder (~> 3.1)
      erubi (~> 1.4)
      rails-dom-testing (~> 2.0)
      rails-html-sanitizer (~> 1.1, >= 1.2.0)
    activejob (6.0.6)
      activesupport (= 6.0.6)
      globalid (>= 0.3.6)
    activemodel (6.0.6)
      activesupport (= 6.0.6)
    activerecord (6.0.6)
      activemodel (= 6.0.6)
      activesupport (= 6.0.6)
    activestorage (6.0.6)
      actionpack (= 6.0.6)
      activejob (= 6.0.6)
      activerecord (= 6.0.6)
      marcel (~> 1.0)
    activesupport (6.0.6)
      concurrent-ruby (~> 1.0, >= 1.0.2)
      i18n (>= 0.7, < 2)
      minitest (~> 5.1)
      tzinfo (~> 1.1)
      zeitwerk (~> 2.2, >= 2.2.2)
    addressable (2.8.1)
      public_suffix (>= 2.0.2, < 6.0)
    aws-eventstream (1.2.0)
    aws-partitions (1.671.0)
    aws-sdk-core (3.168.3)
      aws-eventstream (~> 1, >= 1.0.2)
      aws-partitions (~> 1, >= 1.651.0)
      aws-sigv4 (~> 1.5)
      jmespath (~> 1, >= 1.6.1)
    aws-sdk-kms (1.60.0)
      aws-sdk-core (~> 3, >= 3.165.0)
      aws-sigv4 (~> 1.1)
    aws-sdk-s3 (1.117.2)
      aws-sdk-core (~> 3, >= 3.165.0)
      aws-sdk-kms (~> 1)
      aws-sigv4 (~> 1.4)
    aws-sigv4 (1.5.2)
      aws-eventstream (~> 1, >= 1.0.2)
    bcrypt (3.1.18)
    bcrypt (3.1.18-java)
    bibtex-ruby (6.0.0)
      latex-decode (~> 0.0)
    bindex (0.8.1)
    bootsnap (1.15.0)
      msgpack (~> 1.2)
    builder (3.2.4)
    byebug (11.1.3)
    capybara (3.36.0)
      addressable
      matrix
      mini_mime (>= 0.1.3)
      nokogiri (~> 1.8)
      rack (>= 1.6.0)
      rack-test (>= 0.6.3)
      regexp_parser (>= 1.5, < 3.0)
      xpath (~> 3.2)
    childprocess (4.1.0)
    citeproc (1.0.10)
      namae (~> 1.0)
    citeproc-ruby (2.0.0)
      citeproc (~> 1.0, >= 1.0.9)
      csl (~> 2.0)
    concurrent-ruby (1.1.10)
    countries (4.2.3)
      i18n_data (~> 0.16.0)
      sixarm_ruby_unaccent (~> 1.1)
    country_select (6.1.1)
      countries (~> 4.2)
      sort_alphabetical (~> 1.1)
    crass (1.0.6)
    csl (2.0.0)
      namae (~> 1.0)
      rexml
    csl-styles (2.0.1)
      csl (~> 2.0)
    devise (4.8.1)
      bcrypt (~> 3.0)
      orm_adapter (~> 0.1)
      railties (>= 4.1.0)
      responders
      warden (~> 1.2.3)
    erubi (1.11.0)
    faraday (2.7.1)
      faraday-net_http (>= 2.0, < 3.1)
      ruby2_keywords (>= 0.0.4)
    faraday-follow_redirects (0.1.0)
      faraday (>= 2, < 3)
    faraday-net_http (3.0.2)
    ffi (1.15.5)
    ffi (1.15.5-java)
    ffi (1.15.5-x64-mingw32)
    ffi (1.15.5-x86-mingw32)
    friendly_id (5.2.5)
      activerecord (>= 4.0.0)
    fuzzy-string-match (1.0.1)
      RubyInline (>= 3.8.6)
    globalid (1.0.0)
      activesupport (>= 5.0)
    i18n (1.12.0)
      concurrent-ruby (~> 1.0)
    i18n_data (0.16.0)
      simple_po_parser (~> 1.1)
    iconv (1.0.8)
    jbuilder (2.11.5)
      actionview (>= 5.0.0)
      activesupport (>= 5.0.0)
    jmespath (1.6.2)
    kramdown (2.4.0)
      rexml
    latex-decode (0.4.0)
    listen (3.1.5)
      rb-fsevent (~> 0.9, >= 0.9.4)
      rb-inotify (~> 0.9, >= 0.9.7)
      ruby_dep (~> 1.2)
    loofah (2.19.0)
      crass (~> 1.0.2)
      nokogiri (>= 1.5.9)
    mail (2.8.0)
      mini_mime (>= 0.1.1)
      net-imap
      net-pop
      net-smtp
    marcel (1.0.2)
    matrix (0.4.2)
    meta-tags (2.18.0)
      actionpack (>= 3.2.0, < 7.1)
    method_source (1.0.0)
    mini_mime (1.1.2)
    mini_portile2 (2.8.0)
    minitest (5.16.3)
    msgpack (1.6.0)
    msgpack (1.6.0-java)
    multi_json (1.15.0)
    namae (1.1.1)
    net-imap (0.3.1)
      net-protocol
    net-pop (0.1.2)
      net-protocol
    net-protocol (0.2.0)
      timeout
    net-smtp (0.3.3)
      net-protocol
    nio4r (2.5.8)
    nio4r (2.5.8-java)
    nokogiri (1.13.9)
      mini_portile2 (~> 2.8.0)
      racc (~> 1.4)
    nokogiri (1.13.9-java)
      racc (~> 1.4)
    nokogiri (1.13.9-x64-mingw32)
      racc (~> 1.4)
    nokogiri (1.13.9-x86-mingw32)
      racc (~> 1.4)
    orm_adapter (0.5.0)
    pandoc-ruby (2.1.7)
    pg (1.4.5)
    pg (1.4.5-x64-mingw32)
    pg (1.4.5-x86-mingw32)
    public_suffix (5.0.0)
    puma (4.3.12)
      nio4r (~> 2.0)
    puma (4.3.12-java)
      nio4r (~> 2.0)
    pundit (2.2.0)
      activesupport (>= 3.0.0)
    racc (1.6.1)
    racc (1.6.1-java)
    rack (2.2.4)
    rack-proxy (0.7.4)
      rack
    rack-test (2.0.2)
      rack (>= 1.3)
    rails (6.0.6)
      actioncable (= 6.0.6)
      actionmailbox (= 6.0.6)
      actionmailer (= 6.0.6)
      actionpack (= 6.0.6)
      actiontext (= 6.0.6)
      actionview (= 6.0.6)
      activejob (= 6.0.6)
      activemodel (= 6.0.6)
      activerecord (= 6.0.6)
      activestorage (= 6.0.6)
      activesupport (= 6.0.6)
      bundler (>= 1.3.0)
      railties (= 6.0.6)
      sprockets-rails (>= 2.0.0)
    rails-dom-testing (2.0.3)
      activesupport (>= 4.2.0)
      nokogiri (>= 1.6)
    rails-html-sanitizer (1.4.3)
      loofah (~> 2.3)
    rails-latex (2.3.4)
      rails (>= 3.0.0, < 8)
    railties (6.0.6)
      actionpack (= 6.0.6)
      activesupport (= 6.0.6)
      method_source
      rake (>= 0.8.7)
      thor (>= 0.20.3, < 2.0)
    rake (13.0.6)
    rb-fsevent (0.11.2)
    rb-inotify (0.10.1)
      ffi (~> 1.0)
    redcarpet (3.5.1)
    regexp_parser (2.6.1)
    responders (3.0.1)
      actionpack (>= 5.0)
      railties (>= 5.0)
    rexml (3.2.5)
    ruby2_keywords (0.0.5)
    ruby_dep (1.5.0)
    rubyzip (2.3.2)
    sanitize (6.0.0)
      crass (~> 1.0.2)
      nokogiri (>= 1.12.0)
    sass-rails (6.0.0)
      sassc-rails (~> 2.1, >= 2.1.1)
    sassc (2.4.0)
      ffi (~> 1.9)
    sassc (2.4.0-x64-mingw32)
      ffi (~> 1.9)
    sassc-rails (2.1.2)
      railties (>= 4.0.0)
      sassc (>= 2.0)
      sprockets (> 3.0)
      sprockets-rails
      tilt
    selenium-webdriver (4.1.0)
      childprocess (>= 0.5, < 5.0)
      rexml (~> 3.2, >= 3.2.5)
      rubyzip (>= 1.2.2)
    serrano (1.4)
      faraday (~> 2.2)
      faraday-follow_redirects (~> 0.1.0)
      multi_json (~> 1.15)
      rexml (~> 3.2, >= 3.2.5)
      thor (~> 1.2, >= 1.2.1)
    simple_form (5.1.0)
      actionpack (>= 5.2)
      activemodel (>= 5.2)
    simple_po_parser (1.1.6)
    sixarm_ruby_unaccent (1.2.0)
    sort_alphabetical (1.1.0)
      unicode_utils (>= 1.2.2)
    spring (2.1.1)
    spring-watcher-listen (2.0.1)
      listen (>= 2.7, < 4.0)
      spring (>= 1.2, < 3.0)
    sprockets (4.1.1)
      concurrent-ruby (~> 1.0)
      rack (> 1, < 3)
    sprockets-rails (3.4.2)
      actionpack (>= 5.2)
      activesupport (>= 5.2)
      sprockets (>= 3.0.0)
    thor (1.2.1)
    thread_safe (0.3.6)
    thread_safe (0.3.6-java)
    tilt (2.0.11)
    timeout (0.3.1)
    tinymce-rails (6.3.1)
      railties (>= 3.1.1)
    tzinfo (1.2.10)
      thread_safe (~> 0.1)
    tzinfo-data (1.2022.7)
      tzinfo (>= 1.0.0)
    unicode_utils (1.4.0)
    warden (1.2.9)
      rack (>= 2.0.9)
    web-console (4.2.0)
      actionview (>= 6.0.0)
      activemodel (>= 6.0.0)
      bindex (>= 0.4.0)
      railties (>= 6.0.0)
    webdrivers (5.2.0)
      nokogiri (~> 1.6)
      rubyzip (>= 1.3.0)
      selenium-webdriver (~> 4.0)
    webpacker (4.3.0)
      activesupport (>= 4.2)
      rack-proxy (>= 0.6.1)
      railties (>= 4.2)
    websocket-driver (0.7.5)
      websocket-extensions (>= 0.1.0)
    websocket-driver (0.7.5-java)
      websocket-extensions (>= 0.1.0)
    websocket-extensions (0.1.5)
    wicked_pdf (2.6.3)
      activesupport
    wkhtmltopdf-binary (0.12.6.6)
    xpath (3.2.0)
      nokogiri (~> 1.8)
    zeitwerk (2.6.6)

PLATFORMS
  java
  ruby
  x64-mingw32
  x86-mingw32
  x86-mswin32

DEPENDENCIES
  aws-sdk-s3
  bibtex-ruby
  bootsnap (>= 1.4.2)
  byebug
  capybara (>= 2.15)
  citeproc-ruby
  country_select
  csl-styles
  devise
  friendly_id (~> 5.2.4)
  fuzzy-string-match
  iconv
  jbuilder (~> 2.7)
  kramdown
  listen (>= 3.0.5, < 3.2)
  meta-tags
  pandoc-ruby
  pg (>= 0.18, < 2.0)
  puma (~> 4.1)
  pundit
  rails (~> 6.0.2, >= 6.0.2.1)
  rails-latex
  redcarpet
  sanitize
  sass-rails (>= 6)
  selenium-webdriver
  serrano
  simple_form
  spring
  spring-watcher-listen (~> 2.0.0)
  tinymce-rails
  tzinfo-data
  web-console (>= 3.3.0)
  webdrivers
  webpacker (~> 4.0)
  wicked_pdf
  wkhtmltopdf-binary

RUBY VERSION
   ruby 2.6.3p62

BUNDLED WITH
   2.2.26
